GEM
  remote: https://rubygems.org/
  specs:
    diff-lcs (1.3)
    power_assert (1.1.4)
    rspec (3.8.0)
      rspec-core (~> 3.8.0)
      rspec-expectations (~> 3.8.0)
      rspec-mocks (~> 3.8.0)
    rspec-core (3.8.0)
      rspec-support (~> 3.8.0)
    rspec-expectations (3.8.2)
      diff-lcs (>= 1.2.0, < 2.0)
      rspec-support (~> 3.8.0)
    rspec-mocks (3.8.0)
      diff-lcs (>= 1.2.0, < 2.0)
      rspec-support (~> 3.8.0)
    rspec-power_assert (1.1.0)
      power_assert (~> 1.1.0)
      rspec (>= 2.14)
    rspec-support (3.8.0)

PLATFORMS
  ruby

DEPENDENCIES
  rspec
  rspec-power_assert

BUNDLED WITH
   2.1.4
